GEM
  remote: http://rubygems.org/
  specs:
    atomic (1.1.16)
    avl_tree (1.2.1)
      atomic (~> 1.1)
    daemons (1.1.9)
    eventmachine (1.0.3-x86-mingw32)
    faye-websocket (0.8.0)
      eventmachine (>= 0.12.0)
      websocket-driver (>= 0.4.0)
    haml (4.0.5)
      tilt
    hitimes (1.2.2)
    hitimes (1.2.2-x86-mingw32)
    metriks (0.9.9.7)
      atomic (~> 1.0)
      avl_tree (~> 1.2.0)
      hitimes (~> 1.1)
    oj (2.11.1)
    rack (1.5.2)
    rack-protection (1.5.3)
      rack
    redis (3.1.0)
    sinatra (1.4.5)
      rack (~> 1.4)
      rack-protection (~> 1.4)
      tilt (~> 1.3, >= 1.3.4)
    thin (1.6.3)
      daemons (~> 1.0, >= 1.0.9)
      eventmachine (~> 1.0)
      rack (~> 1.0)
    tilt (1.4.1)
    websocket-driver (0.4.0)

PLATFORMS
  x86-mingw32

DEPENDENCIES
  faye-websocket
  haml
  hiredis
  metriks
  oj
  redis
  sinatra
  thin
